GEM
  specs:
    addressable (2.2.6)
    ansi (1.3.0)
    faraday (0.7.4)
      addressable (~> 2.2.6)
      multipart-post (~> 1.1.0)
      rack (< 2, >= 1.1.0)
    mime-types (1.16)
    multi_json (1.0.3)
    multipart-post (1.1.3)
    oauth2 (0.5.0)
      faraday (< 0.8, >= 0.6.1)
      multi_json (~> 1.0.0)
    rack (1.3.2)
    rest-client (1.6.3)
      mime-types (>= 1.16)
    turn (0.8.2)
      ansi (>= 1.2.2)

PLATFORMS
  ruby

DEPENDENCIES
  oauth2
  rest-client
  turn
